GEM
  remote: https://rubygems.org/
  specs:
    base64 (0.2.0)
    bcrypt (3.1.20)
    bigdecimal (3.1.5)
    logger (1.7.0)
    minitest (5.25.5)
    mustermann (3.0.3)
      ruby2_keywords (~> 0.0.1)
    nio4r (2.7.4)
    pg (1.5.9)
    puma (6.6.0)
      nio4r (~> 2.0)
    rack (3.1.12)
    rack-protection (4.1.1)
      base64 (>= 0.1.0)
      logger (>= 1.6.0)
      rack (>= 3.0.0, < 4)
    rack-session (2.1.0)
      base64 (>= 0.1.0)
      rack (>= 3.0.0)
    rack-test (2.2.0)
      rack (>= 1.3)
    rackup (2.2.1)
      rack (>= 3)
    rake (13.2.1)
    ruby2_keywords (0.0.5)
    sequel (5.91.0)
      bigdecimal
    sinatra (4.1.1)
      logger (>= 1.6.0)
      mustermann (~> 3.0)
      rack (>= 3.0.0, < 4)
      rack-protection (= 4.1.1)
      rack-session (>= 2.0.0, < 3)
      tilt (~> 2.0)
    stripe (15.0.0)
    tilt (2.6.0)

PLATFORMS
  ruby
  x86_64-darwin-24

DEPENDENCIES
  bcrypt
  minitest
  pg
  puma
  rack-test
  rackup
  rake
  sequel
  sinatra
  stripe

BUNDLED WITH
   2.6.7
